GEM
  remote: http://rubygems.org/
  specs:
    addressable (2.2.5)
    amqp (0.7.1)
      eventmachine (>= 0.12.4)
    async_sinatra (0.5.0)
      rack (>= 1.2.1)
      sinatra (>= 1.0)
    daemons (1.1.3)
    em-websocket (0.2.1)
      addressable (>= 2.1.1)
      eventmachine (>= 0.12.9)
    eventmachine (0.12.10)
    json (1.5.1)
    macaddr (1.0.0)
    rack (1.2.2)
    rack-test (0.5.7)
      rack (>= 1.0)
    sinatra (1.2.3)
      rack (~> 1.1)
      tilt (>= 1.2.2, < 2.0)
    thin (1.2.11)
      daemons (>= 1.0.9)
      eventmachine (>= 0.12.6)
      rack (>= 1.0.0)
    tilt (1.3)
    uuid (2.3.2)
      macaddr (~> 1.0)

PLATFORMS
  ruby

DEPENDENCIES
  amqp
  async_sinatra
  em-websocket
  eventmachine
  json
  rack-test
  sinatra
  thin
  uuid
